GEM
  remote: http://rubygems.org/
  specs:
    activemodel (3.0.10)
      activesupport (= 3.0.10)
      builder (~> 2.1.2)
      i18n (~> 0.5.0)
    activerecord (3.0.10)
      activemodel (= 3.0.10)
      activesupport (= 3.0.10)
      arel (~> 2.0.10)
      tzinfo (~> 0.3.23)
    activesupport (3.0.10)
    arel (2.0.10)
    builder (2.1.2)
    colorize (0.5.8)
    i18n (0.5.0)
    rake (0.9.2)
    sqlite3 (1.3.4)
    tzinfo (0.3.30)

PLATFORMS
  ruby

DEPENDENCIES
  activerecord
  colorize
  rake
  sqlite3
